PATH
  remote: .
  specs:
    ecl (3.1.0)
      aws-sdk-ec2 (~> 1.18)
      curses (~> 1.0)
      json (~> 2.1)
      oj (~> 3.3)
      pry (~> 0.10)
      ruby-string-match-scorer (~> 0.1)

GEM
  remote: https://rubygems.org/
  specs:
    aws-eventstream (1.3.0)
    aws-partitions (1.863.0)
    aws-sdk-core (3.190.0)
      aws-eventstream (~> 1, >= 1.3.0)
      aws-partitions (~> 1, >= 1.651.0)
      aws-sigv4 (~> 1.8)
      jmespath (~> 1, >= 1.6.1)
    aws-sdk-ec2 (1.427.0)
      aws-sdk-core (~> 3, >= 3.188.0)
      aws-sigv4 (~> 1.1)
    aws-sigv4 (1.8.0)
      aws-eventstream (~> 1, >= 1.0.2)
    coderay (1.1.3)
    curses (1.4.4)
    jmespath (1.6.2)
    json (2.7.1)
    method_source (1.0.0)
    oj (3.16.1)
    pry (0.14.2)
      coderay (~> 1.1)
      method_source (~> 1.0)
    rake (13.0.1)
    ruby-string-match-scorer (0.1.0)

PLATFORMS
  ruby

DEPENDENCIES
  bundler (~> 2.0)
  ecl!
  rake (~> 13.0)

BUNDLED WITH
   2.1.4
