PATH
  remote: .
  specs:
    ecl (3.2.0)
      aws-sdk-ec2 (~> 1.18)
      curses (~> 1.0)
      json (~> 2.1)
      oj (~> 3.3)
      pry (~> 0.10)
      ruby-string-match-scorer (~> 0.1)

GEM
  remote: https://rubygems.org/
  specs:
    aws-eventstream (1.4.0)
    aws-partitions (1.1131.0)
    aws-sdk-core (3.226.3)
      aws-eventstream (~> 1, >= 1.3.0)
      aws-partitions (~> 1, >= 1.992.0)
      aws-sigv4 (~> 1.9)
      base64
      jmespath (~> 1, >= 1.6.1)
      logger
    aws-sdk-ec2 (1.539.0)
      aws-sdk-core (~> 3, >= 3.225.0)
      aws-sigv4 (~> 1.5)
    aws-sigv4 (1.12.1)
      aws-eventstream (~> 1, >= 1.0.2)
    base64 (0.3.0)
    bigdecimal (3.2.2)
    coderay (1.1.3)
    curses (1.5.3)
    jmespath (1.6.2)
    json (2.13.0)
    logger (1.7.0)
    method_source (1.1.0)
    oj (3.16.11)
      bigdecimal (>= 3.0)
      ostruct (>= 0.2)
    ostruct (0.6.3)
    pry (0.15.2)
      coderay (~> 1.1)
      method_source (~> 1.0)
    rake (13.0.1)
    ruby-string-match-scorer (0.1.0)

PLATFORMS
  ruby

DEPENDENCIES
  bundler (~> 2.0)
  ecl!
  rake (~> 13.0)

BUNDLED WITH
   2.1.4
